GEM
  remote: https://rubygems.org/
  specs:
    backports (3.8.0)
    config_env (0.1.2)
    httparty (0.14.0)
      multi_xml (>= 0.5.2)
    multi_json (1.12.1)
    multi_xml (0.6.0)
    rack (1.6.5)
    rack-protection (1.5.3)
      rack
    rack-test (0.7.0)
      rack (>= 1.0, < 3)
    redis (3.3.2)
    sinatra (1.4.8)
      rack (~> 1.5)
      rack-protection (~> 1.4)
      tilt (>= 1.3, < 3)
    sinatra-contrib (1.4.7)
      backports (>= 2.0)
      multi_json
      rack-protection
      rack-test
      sinatra (~> 1.4.0)
      tilt (>= 1.3, < 3)
    tilt (2.0.7)

PLATFORMS
  ruby

DEPENDENCIES
  config_env
  httparty
  redis
  sinatra
  sinatra-contrib

BUNDLED WITH
   1.14.6
